GEM
  remote: https://rubygems.org/
  specs:
    addressable (2.3.8)
    execjs (2.5.2)
    faraday (0.9.1)
      multipart-post (>= 1.2, < 3)
    gitlab (3.4.0)
      httparty
      terminal-table
    httparty (0.13.5)
      json (~> 1.8)
      multi_xml (>= 0.5.2)
    jshintrb (0.3.0)
      execjs
      multi_json (>= 1.3)
      rake
    json (1.8.3)
    multi_json (1.11.1)
    multi_xml (0.5.5)
    multipart-post (2.0.0)
    octokit (3.8.0)
      sawyer (~> 0.6.0, >= 0.5.3)
    pronto (0.4.2)
      gitlab (~> 3.4.0)
      octokit (~> 3.8.0)
      rugged (~> 0.22.0)
      thor (~> 0.19.0)
    pronto-jshint (0.4.2)
      jshintrb (~> 0.3.0)
      pronto (~> 0.4.0)
    rack (1.6.1)
    rack-protection (1.5.3)
      rack
    rake (10.4.2)
    rugged (0.22.2)
    sawyer (0.6.0)
      addressable (~> 2.3.5)
      faraday (~> 0.8, < 0.10)
    sinatra (1.4.6)
      rack (~> 1.4)
      rack-protection (~> 1.4)
      tilt (>= 1.3, < 3)
    terminal-table (1.4.5)
    thor (0.19.1)
    tilt (2.0.1)

PLATFORMS
  ruby

DEPENDENCIES
  json
  pronto
  pronto-jshint
  sinatra

BUNDLED WITH
   1.10.2
